GEM
  remote: https://rubygems.org/
  remote: file://C/github/NodeHaven/bundle/
  specs:
    aws-eventstream (1.0.3)
    aws-partitions (1.184.0)
    aws-sdk-core (3.59.0)
      aws-eventstream (~> 1.0, >= 1.0.2)
      aws-partitions (~> 1.0)
      aws-sigv4 (~> 1.1)
      jmespath (~> 1.0)
    aws-sdk-kms (1.23.0)
      aws-sdk-core (~> 3, >= 3.58.0)
      aws-sigv4 (~> 1.1)
    aws-sdk-s3 (1.45.0)
      aws-sdk-core (~> 3, >= 3.58.0)
      aws-sdk-kms (~> 1)
      aws-sigv4 (~> 1.1)
    aws-sigv4 (1.1.0)
      aws-eventstream (~> 1.0, >= 1.0.2)
    colorize (0.8.1)
    geocoder (1.5.1)
    httparty (0.17.0)
      mime-types (~> 3.0)
      multi_xml (>= 0.5.2)
    jmespath (1.4.0)
    mail (2.7.1)
      mini_mime (>= 0.1.1)
    mime-types (3.2.2)
      mime-types-data (~> 3.2015)
    mime-types-data (3.2019.0331)
    mini_mime (1.0.1)
    multi_xml (0.6.0)
    pony (1.13.1)
      mail (>= 2.0)
    speedtest (0.2.4)
      httparty (~> 0.13)
    stathat (0.1.7)
    thor (0.20.3)

PLATFORMS
  x64-mingw32

DEPENDENCIES
  aws-sdk-s3!
  colorize!
  geocoder (= 1.5.1)
  httparty!
  mail
  pony
  speedtest!
  stathat
  thor

RUBY VERSION
   ruby 2.5.5p157

BUNDLED WITH
   2.0.2
